GIT
  remote: git@github.com:verse-rb/verse-core.git
  revision: 4cdea3c16732b518de461a9694bb4c2a563c3724
  branch: master
  specs:
    verse-core (2.0.0)
      i18n (~> 1.10.0)
      thor (~> 1.2.1)
      verse-schema (~> 0.1.0)

GIT
  remote: git@github.com:verse-rb/verse-schema.git
  revision: 8ac655c8f82226c9dccda261c549f9aae8a8217e
  branch: master
  specs:
    verse-schema (0.1.0)

PATH
  remote: ../..
  specs:
    verse-http (0.1.0)
      jwt (~> 2.7.1)
      sinatra (~> 3.0)

GEM
  remote: https://rubygems.org/
  specs:
    concurrent-ruby (1.2.3)
    dotenv (2.8.1)
    i18n (1.10.0)
      concurrent-ruby (~> 1.0)
    jwt (2.7.1)
    mustermann (3.0.0)
      ruby2_keywords (~> 0.0.1)
    nio4r (2.5.9)
    puma (6.4.0)
      nio4r (~> 2.0)
    rack (2.2.7)
    rack-protection (3.0.6)
      rack
    rake (13.0.6)
    ruby2_keywords (0.0.5)
    sinatra (3.0.6)
      mustermann (~> 3.0)
      rack (~> 2.2, >= 2.2.4)
      rack-protection (= 3.0.6)
      tilt (~> 2.0)
    thor (1.2.2)
    tilt (2.1.0)
    zeitwerk (2.6.8)

PLATFORMS
  x86_64-linux

DEPENDENCIES
  dotenv
  puma (>= 6.3.1)
  rake
  verse-core!
  verse-http!
  verse-schema!
  zeitwerk

RUBY VERSION
   ruby 3.1.0p0

BUNDLED WITH
   2.3.16
